FRAMEWORK: NET45
NUGET
  remote: https://vrvis.myget.org/F/aardvark_public
    Aardvark.Application (3.1.4)
      Aardvark.Base.Incremental (>= 3.0.16 < 3.1)
      Aardvark.Base.Rendering (>= 3.1.4)
      FShade.Core (>= 3.1.6 < 3.2)
    Aardvark.Application.WinForms (3.1.4)
      Aardvark.Application (>= 3.1.4)
      Aardvark.Base.Incremental (>= 3.0.16 < 3.1)
      Aardvark.Base.Rendering (>= 3.1.4)
      FShade.Core (>= 3.1.6 < 3.2)
    Aardvark.Application.WinForms.GL (3.1.4)
      Aardvark.Application (>= 3.1.4)
      Aardvark.Application.WinForms (>= 3.1.4)
      Aardvark.Base.Incremental (>= 3.0.16 < 3.1)
      Aardvark.Base.Rendering (>= 3.1.4)
      Aardvark.Base.Runtime (>= 3.0.16 < 3.1)
      Aardvark.Rendering.GL (>= 3.1.4)
      FShade.Core (>= 3.1.6 < 3.2)
    Aardvark.Base (3.0.16)
      DevILSharp (>= 0.0.11 < 0.1)
    Aardvark.Base.Essentials (3.0.16)
      Aardvark.Base (>= 3.0.16)
      System.Collections.Immutable (>= 1.2)
      System.Reactive.Linq (>= 3.0 < 3.1)
    Aardvark.Base.FSharp (3.0.16)
      Aardvark.Base (>= 3.0.16)
      DevILSharp (>= 0.0.11 < 0.1)
    Aardvark.Base.Incremental (3.0.16)
      Aardvark.Base (>= 3.0.16)
      Aardvark.Base.Essentials (>= 3.0.16)
      Aardvark.Base.FSharp (>= 3.0.16)
      System.Reactive.Core (>= 3.0 < 3.1)
      System.Reactive.Interfaces (>= 3.0 < 3.1)
      System.Reactive.Linq (>= 3.0 < 3.1)
    Aardvark.Base.Rendering (3.1.4)
      Aardvark.Base.Incremental (>= 3.0.16 < 3.1)
      FShade.Core (>= 3.1.6 < 3.2)
    Aardvark.Base.Runtime (3.0.16)
      Aardvark.Base (>= 3.0.16)
      Aardvark.Base.Essentials (>= 3.0.16)
      Aardvark.Base.FSharp (>= 3.0.16)
      Aardvark.Base.Incremental (>= 3.0.16)
      System.Reactive.Core (>= 3.0 < 3.1)
      System.Reactive.Interfaces (>= 3.0 < 3.1)
      System.Reactive.Linq (>= 3.0 < 3.1)
    Aardvark.Cef (3.3.0)
      Aardvark.Application (>= 3.1.2)
      Aardvark.Base (>= 3.0.15 < 3.1)
      Aardvark.Base.FSharp (>= 3.0.15 < 3.1)
      Aardvark.Base.Incremental (>= 3.0.15 < 3.1)
      Aardvark.Base.Rendering (>= 3.1.2 < 3.2)
      Aardvark.SceneGraph (>= 3.1.2 < 3.2)
      Another.Unofficial.Xilium.CefGlue (>= 0.0.9 < 0.1)
      Another.Unofficial.Xilium.CefGlue.UnpackNativeDependencies (>= 0.0.9 < 0.1)
      FsPickler (>= 3.2 < 3.3)
      FsPickler.Json (>= 3.2 < 3.3)
    Aardvark.Cef.WinForms (3.3.0)
      Aardvark.Application.WinForms.GL (>= 3.1.2 < 3.2)
      Aardvark.Base (>= 3.0.15 < 3.1)
      Aardvark.Base.FSharp (>= 3.0.15 < 3.1)
      Aardvark.Base.Incremental (>= 3.0.15 < 3.1)
      Aardvark.Base.Rendering (>= 3.1.2 < 3.2)
      Aardvark.Cef (>= 3.3)
      Aardvark.SceneGraph (>= 3.1.2 < 3.2)
      Another.Unofficial.Xilium.CefGlue (>= 0.0.9 < 0.1)
      Another.Unofficial.Xilium.CefGlue.UnpackNativeDependencies (>= 0.0.9 < 0.1)
      Another.Unofficial.Xilium.CefGlue.WindowsForms (>= 0.0.9 < 0.1)
      Fleck (>= 0.14.0.59 < 0.14.1)
      FsPickler (>= 3.2 < 3.3)
      FsPickler.Json (>= 3.2 < 3.3)
      StackExchange.NetGain (>= 1.0 < 1.1)
      TurboJpegWrapper (>= 1.4.2.6 < 1.4.3)
    Aardvark.Compiler.DomainTypes (0.1.10)
      Aardvark.Base.Incremental (>= 3.0.15 < 3.1)
    Aardvark.Compiler.DomainTypes.MSBuild (0.1.10)
      Aardvark.Compiler.DomainTypes (0.1.10)
    Aardvark.Rendering.GL (3.1.4)
      Aardvark.Base.Incremental (>= 3.0.16 < 3.1)
      Aardvark.Base.Rendering (>= 3.1.4)
      Aardvark.Base.Runtime (>= 3.0.16 < 3.1)
      FShade (>= 3.1.6 < 3.2)
      FSharp.Quotations.Evaluator (>= 1.0.6 < 1.1)
    Aardvark.Rendering.NanoVg (3.1.4)
      Aardvark.Base.Incremental (>= 3.0.16 < 3.1)
      Aardvark.Base.Rendering (>= 3.1.4)
      Aardvark.Base.Runtime (>= 3.0.16 < 3.1)
      Aardvark.Rendering.GL (>= 3.1.4)
      FShade.Core (>= 3.1.6 < 3.2)
      FSharp.Quotations.Evaluator (>= 1.0.6 < 1.1)
      NanoVgSharp (>= 2.1 < 2.2)
    Aardvark.Rendering.Text (3.1.4)
      Aardvark.Base.Incremental (>= 3.0.16 < 3.1)
      Aardvark.Base.Rendering (>= 3.1.4)
      Aardvark.SceneGraph (>= 3.1.4)
      CommonMark.NET (>= 0.12 < 0.13)
      FShade.Core (>= 3.1.6 < 3.2)
    Aardvark.SceneGraph (3.1.4)
      Aardvark.Base.Incremental (>= 3.0.16 < 3.1)
      Aardvark.Base.Rendering (>= 3.1.4)
      FShade.Core (>= 3.1.6 < 3.2)
    Aardvark.Service (3.3.0)
      Aardvark.Application (>= 3.1.2)
      Aardvark.Base (>= 3.0.15 < 3.1)
      Aardvark.Base.FSharp (>= 3.0.15 < 3.1)
      Aardvark.Base.Incremental (>= 3.0.15 < 3.1)
      Aardvark.Base.Rendering (>= 3.1.2 < 3.2)
      Aardvark.Rendering.GL (>= 3.1.2)
      FsPickler (>= 3.2 < 3.3)
      FsPickler.Json (>= 3.2 < 3.3)
      Suave (>= 2.0.2 < 2.1)
    Aardvark.UI (3.3.0)
      Aardvark.Application (>= 3.1.2)
      Aardvark.Base (>= 3.0.15 < 3.1)
      Aardvark.Base.FSharp (>= 3.0.15 < 3.1)
      Aardvark.Base.Incremental (>= 3.0.15 < 3.1)
      Aardvark.Base.Rendering (>= 3.1.2 < 3.2)
      Aardvark.Compiler.DomainTypes (>= 0.1.9 < 0.2)
      Aardvark.Rendering.GL (>= 3.1.2)
      Aardvark.SceneGraph (>= 3.1.2 < 3.2)
      Aardvark.Service (>= 3.3)
      FsPickler (>= 3.2 < 3.3)
      FsPickler.Json (>= 3.2 < 3.3)
      Suave (>= 2.0.2 < 2.1)
    Aardvark.UI.Primitives (3.3.0)
      Aardvark.Application (>= 3.1.2)
      Aardvark.Base (>= 3.0.15 < 3.1)
      Aardvark.Base.FSharp (>= 3.0.15 < 3.1)
      Aardvark.Base.Incremental (>= 3.0.15 < 3.1)
      Aardvark.Base.Rendering (>= 3.1.2 < 3.2)
      Aardvark.Compiler.DomainTypes.MSBuild (>= 0.1.9 < 0.2)
      Aardvark.Service (>= 3.3)
      Aardvark.UI (>= 3.3)
    FShade (3.1.6)
      FShade.Core (3.1.6)
      FShade.GLSL (3.1.6)
      FShade.Imperative (3.1.6)
      FShade.SpirV (3.1.6)
    FShade.Core (3.1.6)
      Aardvark.Base (>= 3.0.16 < 3.1)
      Aardvark.Base.FSharp (>= 3.0.16 < 3.1)
      FShade.Imperative (>= 3.1.6)
    FShade.GLSL (3.1.6)
      Aardvark.Base (>= 3.0.16 < 3.1)
      Aardvark.Base.FSharp (>= 3.0.16 < 3.1)
      FShade.Core (>= 3.1.6)
      FShade.Imperative (>= 3.1.6)
    FShade.Imperative (3.1.6)
      Aardvark.Base (>= 3.0.16 < 3.1)
      Aardvark.Base.FSharp (>= 3.0.16 < 3.1)
    FShade.SpirV (3.1.6)
      Aardvark.Base (>= 3.0.16 < 3.1)
      Aardvark.Base.FSharp (>= 3.0.16 < 3.1)
      FShade.Core (>= 3.1.6)
      FShade.Imperative (>= 3.1.6)
  remote: https://api.nuget.org/v3/index.json
    Another.Unofficial.Xilium.CefGlue (0.0.9)
    Another.Unofficial.Xilium.CefGlue.UnpackNativeDependencies (0.0.9)
      SharpZipLib (>= 0.86 < 0.87)
    Another.Unofficial.Xilium.CefGlue.WindowsForms (0.0.9)
      Another.Unofficial.Xilium.CefGlue (0.0.9)
    CommonMark.NET (0.12)
    DevILSharp (0.0.13)
    Fleck (0.14.0.59)
    FSharp.Core (4.1.17)
      System.ValueTuple (>= 4.3)
    FSharp.Quotations.Evaluator (1.0.7)
    FsPickler (3.2)
    FsPickler.Json (3.2)
      FsPickler (3.2)
      Newtonsoft.Json (>= 6.0.5)
    NanoVgSharp (2.1)
      Aardvark.Base (>= 2.1)
      Aardvark.Base.FSharp (>= 2.1)
      Aardvark.Base.Incremental (>= 2.1)
    Newtonsoft.Json (10.0.2)
    SharpZipLib (0.86)
    StackExchange.NetGain (1.0)
    Suave (2.0.5)
      FSharp.Core (>= 4.0.0.1)
    System.Collections.Immutable (1.3.1)
    System.Reactive.Core (3.0)
      System.Reactive.Interfaces (>= 3.0)
    System.Reactive.Interfaces (3.0)
    System.Reactive.Linq (3.0)
      System.Reactive.Core (>= 3.0)
      System.Reactive.Interfaces (>= 3.0)
    System.ValueTuple (4.3.1)
    TurboJpegWrapper (1.4.2.6)

GROUP Build
CONTENT: NONE
FRAMEWORK: NET45
NUGET
  remote: https://api.nuget.org/v3/index.json
    Chessie (0.6) - content: none
      FSharp.Core
    FAKE (4.52) - content: none
    FSharp.Core (4.1.12) - content: none
      System.ValueTuple (>= 4.3)
    Mono.Cecil (0.10.0-beta5) - content: none
    Newtonsoft.Json (9.0.1) - content: none
    Paket.Core (3.36.5) - content: none
      Chessie (>= 0.6)
      FSharp.Core (>= 4.0.1.7-alpha)
      Mono.Cecil (>= 0.10.0-beta1-v2)
      Newtonsoft.Json
      System.Diagnostics.FileVersionInfo (>= 4.3.0-prerelease)
      System.Diagnostics.Process (>= 4.3.0-prerelease)
      System.Diagnostics.TraceSource (>= 4.3.0-prerelease)
      System.Security.Cryptography.Algorithms (>= 4.3.0-prerelease)
      System.Security.Cryptography.ProtectedData (>= 4.3.0-prerelease)
      System.Xml.XDocument (>= 4.3.0-prerelease)
      System.Xml.XPath.XDocument (>= 4.3.0-prerelease)
      System.Xml.XPath.XmlDocument (>= 4.3.0-prerelease)
    SourceLink.Fake (1.1) - content: none
    System.Diagnostics.FileVersionInfo (4.3) - content: none
    System.Diagnostics.Process (4.3) - content: none
    System.Diagnostics.TraceSource (4.3) - content: none
    System.Security.Cryptography.Algorithms (4.3) - content: none
    System.Security.Cryptography.ProtectedData (4.3) - content: none
    System.ValueTuple (4.3) - content: none
    System.Xml.XDocument (4.3) - content: none
    System.Xml.XPath.XDocument (4.3) - content: none
    System.Xml.XPath.XmlDocument (4.3) - content: none
GITHUB
  remote: vrvis/Aardvark.Fake
    FULLPROJECT (d8c6fb31cc19bdd6c4c45dfc4462e84102e8fa03)
      Chessie (>= 0.6 < 0.7)
      FAKE (>= 4.52 < 4.53)
      Mono.Cecil
      Paket.Core (>= 3.36.1 < 3.37)
      SourceLink.Fake (>= 1.1 < 1.2)